GEM
  remote: https://rubygems.org/
  specs:
    awesome_print (1.8.0)
    bitcoin-ruby (0.0.18)
    connection_pool (2.2.2)
    ffi (1.9.25)
    hashie (3.5.7)
    json (2.1.0)
    little-plugger (1.1.4)
    logging (2.2.2)
      little-plugger (~> 1.1)
      multi_json (~> 1.10)
    multi_json (1.13.1)
    net-http-persistent (3.0.0)
      connection_pool (~> 2.2)
    radiator (0.4.2)
      awesome_print (~> 1.7, >= 1.7.0)
      bitcoin-ruby (~> 0.0, >= 0.0.11)
      ffi (~> 1.9, >= 1.9.18)
      hashie (~> 3.5, >= 3.5.5)
      json (~> 2.0, >= 2.0.2)
      logging (~> 2.2, >= 2.2.0)
      net-http-persistent (>= 2.5.2)

PLATFORMS
  ruby

DEPENDENCIES
  radiator

BUNDLED WITH
   1.16.1
